GEM
  remote: https://ruby.taobao.org/
  specs:
    activemodel (4.2.5.1)
      activesupport (= 4.2.5.1)
      builder (~> 3.1)
    activerecord (4.2.5.1)
      activemodel (= 4.2.5.1)
      activesupport (= 4.2.5.1)
      arel (~> 6.0)
    activesupport (4.2.5.1)
      i18n (~> 0.7)
      json (~> 1.7, >= 1.7.7)
      minitest (~> 5.1)
      thread_safe (~> 0.3, >= 0.3.4)
      tzinfo (~> 1.1)
    arel (6.0.3)
    builder (3.2.2)
    byebug (8.2.2)
    daemons (1.2.3)
    eventmachine (1.0.9.1)
    httparty (0.13.7)
      json (~> 1.8)
      multi_xml (>= 0.5.2)
    i18n (0.7.0)
    json (1.8.3)
    kgio (2.10.0)
    minitest (5.8.4)
    multi_xml (0.5.5)
    passenger (5.0.24)
      rack
      rake (>= 0.8.1)
    pg (0.18.4)
    puma (2.16.0)
    rack (1.6.4)
    raindrops (0.15.0)
    rake (10.5.0)
    thin (1.6.4)
      daemons (~> 1.0, >= 1.0.9)
      eventmachine (~> 1.0, >= 1.0.4)
      rack (~> 1.0)
    thread_safe (0.3.5)
    tzinfo (1.2.2)
      thread_safe (~> 0.1)
    unicorn (5.0.1)
      kgio (~> 2.6)
      rack
      raindrops (~> 0.7)

PLATFORMS
  ruby

DEPENDENCIES
  activerecord
  byebug
  httparty
  passenger
  pg
  puma
  rack
  thin
  unicorn

BUNDLED WITH
   1.11.2
