GEM
  remote: https://ruby.taobao.org/
  specs:
    activemodel (3.2.22.1)
      activesupport (= 3.2.22.1)
      builder (~> 3.0.0)
    activerecord (3.2.22.1)
      activemodel (= 3.2.22.1)
      activesupport (= 3.2.22.1)
      arel (~> 3.0.2)
      tzinfo (~> 0.3.29)
    activesupport (3.2.22.1)
      i18n (~> 0.6, >= 0.6.4)
      multi_json (~> 1.0)
    arel (3.0.3)
    builder (3.0.4)
    byebug (8.2.2)
    cramp (0.15.3)
      activesupport (~> 3.2.16)
      eventmachine (~> 1.0.3)
      faye-websocket (~> 0.7.1)
      rack (~> 1.5.2)
      thor (~> 0.18.0)
    daemons (1.2.3)
    eventmachine (1.0.9.1)
    faye-websocket (0.7.5)
      eventmachine (>= 0.12.0)
      websocket-driver (>= 0.3.5)
    http_router (0.11.2)
      rack (>= 1.0.0)
      url_mount (~> 0.2.1)
    i18n (0.7.0)
    macaddr (1.7.1)
      systemu (~> 2.6.2)
    multi_json (1.11.2)
    pg (0.18.4)
    puma (2.16.0)
    rack (1.5.5)
    systemu (2.6.5)
    thin (1.6.4)
      daemons (~> 1.0, >= 1.0.9)
      eventmachine (~> 1.0, >= 1.0.4)
      rack (~> 1.0)
    thor (0.18.1)
    tzinfo (0.3.46)
    url_mount (0.2.1)
      rack
    uuid (2.3.8)
      macaddr (~> 1.0)
    websocket-driver (0.6.3)
      websocket-extensions (>= 0.1.0)
    websocket-extensions (0.1.2)

PLATFORMS
  ruby

DEPENDENCIES
  activerecord
  byebug
  cramp
  eventmachine
  http_router
  pg
  puma
  rack
  thin
  uuid

BUNDLED WITH
   1.11.2
