GEM
  remote: https://ruby.taobao.org/
  specs:
    activemodel (4.2.5.1)
      activesupport (= 4.2.5.1)
      builder (~> 3.1)
    activerecord (4.2.5.1)
      activemodel (= 4.2.5.1)
      activesupport (= 4.2.5.1)
      arel (~> 6.0)
    activesupport (4.2.5.1)
      i18n (~> 0.7)
      json (~> 1.7, >= 1.7.7)
      minitest (~> 5.1)
      thread_safe (~> 0.3, >= 0.3.4)
      tzinfo (~> 1.1)
    addressable (2.4.0)
    arel (6.0.3)
    builder (3.2.2)
    celluloid (0.17.1.1)
      bundler
      celluloid-essentials
      celluloid-extras
      celluloid-fsm
      celluloid-pool
      celluloid-supervision
      dotenv
      nenv
      rspec-logsplit (>= 0.1.2)
      timers (~> 4.0.0)
    celluloid-essentials (0.20.2)
      bundler
      dotenv
      nenv
      rspec-logsplit (>= 0.1.2)
      timers (~> 4.0.0)
    celluloid-extras (0.20.0)
      bundler
      dotenv
      nenv
      rspec-logsplit (>= 0.1.2)
      timers (~> 4.0.0)
    celluloid-fsm (0.20.0)
      bundler
      dotenv
      nenv
      rspec-logsplit (>= 0.1.2)
      timers (~> 4.0.0)
    celluloid-io (0.16.5.pre0)
      bundler
      celluloid (>= 0.17.0.pre12)
      dotenv
      nenv
      nio4r (>= 1.1.0)
      rspec-logsplit (>= 0.1.2)
      timers (~> 4.0.0)
    celluloid-pool (0.20.0)
      bundler
      dotenv
      nenv
      rspec-logsplit (>= 0.1.2)
      timers (~> 4.0.0)
    celluloid-supervision (0.20.1)
      bundler
      dotenv
      nenv
      rspec-logsplit (>= 0.1.2)
      timers (~> 4.0.0)
    daemons (1.2.3)
    domain_name (0.5.20160128)
      unf (>= 0.0.5, < 1.0.0)
    dotenv (2.1.0)
    eventmachine (1.0.9.1)
    hitimes (1.2.3)
    http (1.0.2)
      addressable (~> 2.3)
      http-cookie (~> 1.0)
      http-form_data (~> 1.0.1)
      http_parser.rb (~> 0.6.0)
    http-cookie (1.0.2)
      domain_name (~> 0.5)
    http-form_data (1.0.1)
    http_parser.rb (0.6.0)
    httparty (0.13.7)
      json (~> 1.8)
      multi_xml (>= 0.5.2)
    i18n (0.7.0)
    json (1.8.3)
    minitest (5.8.4)
    multi_xml (0.5.5)
    nenv (0.2.0)
    nio4r (1.2.1)
    pg (0.18.4)
    puma (2.16.0)
    rack (1.6.4)
    reel (0.6.0.pre5)
      bundler
      celluloid (>= 0.17.0.pre12)
      celluloid-io (>= 0.16.5.pre0)
      dotenv
      http (>= 0.6.0.pre)
      http_parser.rb (>= 0.6.0)
      nenv
      rspec-logsplit (>= 0.1.2)
      timers (~> 4.0.0)
      websocket-driver (>= 0.5.1)
      websocket_parser (>= 0.1.6)
    reel-rack (0.2.2)
      rack (>= 1.4.0)
      reel (>= 0.5.0)
    rspec-logsplit (0.1.3)
    thin (1.6.4)
      daemons (~> 1.0, >= 1.0.9)
      eventmachine (~> 1.0, >= 1.0.4)
      rack (~> 1.0)
    thread_safe (0.3.5)
    timers (4.0.4)
      hitimes
    tzinfo (1.2.2)
      thread_safe (~> 0.1)
    unf (0.1.4)
      unf_ext
    unf_ext (0.0.7.2)
    websocket-driver (0.6.3)
      websocket-extensions (>= 0.1.0)
    websocket-extensions (0.1.2)
    websocket_parser (1.0.0)

PLATFORMS
  ruby

DEPENDENCIES
  activerecord
  httparty
  pg
  puma
  reel (~> 0.6.0.pre5)
  reel-rack
  thin
